PATH
  remote: .
  specs:
    pure-rails (0.1.0)

GEM
  remote: http://rubygems.org/
  specs:
    httparty (0.11.0)
      multi_json (~> 1.0)
      multi_xml (>= 0.5.2)
    multi_json (1.7.6)
    multi_xml (0.5.4)

PLATFORMS
  ruby

DEPENDENCIES
  httparty
  pure-rails!
